GEM
  remote: http://rubygems.org/
  specs:
    dotenv (2.2.1)

PLATFORMS
  x86-mingw32

DEPENDENCIES
  dotenv

RUBY VERSION
   ruby 2.3.3p222

BUNDLED WITH
   1.13.7
